GEM
  remote: https://rubygems.org/
  specs:
    CFPropertyList (2.2.8)
    artifactory (2.5.0)
    diff-lcs (1.2.5)
    facter (2.4.6)
      CFPropertyList (~> 2.2.6)
    hiera (3.2.1)
    json_pure (1.8.3)
    kitchen-docker (2.6.0)
      test-kitchen (>= 1.0.0)
    kitchen-puppet (1.44.2)
      net-ssh (~> 3)
      test-kitchen (~> 1.4)
    mixlib-install (2.1.0)
      artifactory
      mixlib-shellout
      mixlib-versioning
    mixlib-shellout (2.2.7)
    mixlib-versioning (1.1.0)
    multi_json (1.12.1)
    net-scp (1.2.1)
      net-ssh (>= 2.6.5)
    net-ssh (3.2.0)
    net-ssh-gateway (1.2.0)
      net-ssh (>= 2.6.5)
    net-telnet (0.1.1)
    puppet (4.7.0)
      CFPropertyList (~> 2.2.6)
      facter (> 2.0, < 4)
      hiera (>= 2.0, < 4)
      json_pure (~> 1.8)
    rake (11.3.0)
    rspec (3.5.0)
      rspec-core (~> 3.5.0)
      rspec-expectations (~> 3.5.0)
      rspec-mocks (~> 3.5.0)
    rspec-core (3.5.4)
      rspec-support (~> 3.5.0)
    rspec-expectations (3.5.0)
      diff-lcs (>= 1.2.0, < 2.0)
      rspec-support (~> 3.5.0)
    rspec-its (1.2.0)
      rspec-core (>= 3.0.0)
      rspec-expectations (>= 3.0.0)
    rspec-mocks (3.5.0)
      diff-lcs (>= 1.2.0, < 2.0)
      rspec-support (~> 3.5.0)
    rspec-support (3.5.0)
    safe_yaml (1.0.4)
    serverspec (2.36.1)
      multi_json
      rspec (~> 3.0)
      rspec-its
      specinfra (~> 2.53)
    sfl (2.3)
    specinfra (2.63.2)
      net-scp
      net-ssh (>= 2.7, < 4.0)
      net-telnet
      sfl
    test-kitchen (1.13.2)
      mixlib-install (>= 1.2, < 3.0)
      mixlib-shellout (>= 1.2, < 3.0)
      net-scp (~> 1.1)
      net-ssh (>= 2.9, < 4.0)
      net-ssh-gateway (~> 1.2.0)
      safe_yaml (~> 1.0)
      thor (~> 0.18)
    thor (0.19.1)

PLATFORMS
  ruby

DEPENDENCIES
  kitchen-docker
  kitchen-puppet
  puppet
  rake
  serverspec
  test-kitchen

BUNDLED WITH
   1.13.2
